GEM
  remote: https://rubygems.org/
  specs:
    amq-protocol (1.9.2)
    bunny (1.2.2)
      amq-protocol (>= 1.9.2)

PLATFORMS
  ruby

DEPENDENCIES
  bunny (~> 1.2.2)
